GEM
  remote: https://rubygems.org/
  specs:
    json (1.8.1)
    mime-types (2.4.3)
    netrc (0.8.0)
    rack (1.5.2)
    rest-client (1.7.2)
      mime-types (>= 1.16, < 3.0)
      netrc (~> 0.7)
    social_shares (0.1.0)
      json
      rest-client

PLATFORMS
  ruby

DEPENDENCIES
  rack
  social_shares (~> 0.1.0)
